PATH
  remote: .
  specs:
    convenlu (0.5.2.1)

GEM
  remote: https://rubygems.org/
  specs:
    addressable (2.8.6)
      public_suffix (>= 2.0.2, < 6.0)
    ast (2.4.2)
    git (1.19.1)
      addressable (~> 2.8)
      rchardet (~> 1.8)
    json (2.7.2)
    language_server-protocol (3.17.0.3)
    parallel (1.24.0)
    parser (3.3.1.0)
      ast (~> 2.4.1)
      racc
    pastel (0.8.0)
      tty-color (~> 0.5)
    public_suffix (5.0.5)
    racc (1.7.3)
    rainbow (3.1.1)
    rake (13.2.1)
    rchardet (1.8.0)
    regexp_parser (2.9.0)
    rexml (3.2.6)
    rubocop (1.63.4)
      json (~> 2.3)
      language_server-protocol (>= 3.17.0)
      parallel (~> 1.10)
      parser (>= 3.3.0.2)
      rainbow (>= 2.2.2, < 4.0)
      regexp_parser (>= 1.8, < 3.0)
      rexml (>= 3.2.5, < 4.0)
      rubocop-ast (>= 1.31.1, < 2.0)
      ruby-progressbar (~> 1.7)
      unicode-display_width (>= 2.4.0, < 3.0)
    rubocop-ast (1.31.3)
      parser (>= 3.3.1.0)
    rubocop-shopify (2.15.1)
      rubocop (~> 1.51)
    ruby-progressbar (1.13.0)
    tty-color (0.6.0)
    tty-cursor (0.7.1)
    tty-prompt (0.23.1)
      pastel (~> 0.8)
      tty-reader (~> 0.8)
    tty-reader (0.9.0)
      tty-cursor (~> 0.7)
      tty-screen (~> 0.8)
      wisper (~> 2.0)
    tty-screen (0.8.2)
    tty-spinner (0.9.3)
      tty-cursor (~> 0.7)
    unicode-display_width (2.5.0)
    wisper (2.0.1)

PLATFORMS
  arm64-darwin-21
  x86_64-linux

DEPENDENCIES
  bundler (~> 2.2.33)
  convenlu!
  git (~> 1.19.1)
  rake (~> 13.0)
  rubocop (~> 1.21)
  rubocop-shopify
  tty-prompt (~> 0.23.1)
  tty-spinner (~> 0.9.3)

BUNDLED WITH
   2.2.33
